PATH
  remote: .
  specs:
    ckb (0.1.0)
      bech32 (~> 1.0)
      bitcoin-secp256k1 (~> 0.5.2)
      net-http-persistent (~> 3.0.0)
      rbnacl (~> 7.0)

GEM
  remote: https://rubygems.org/
  specs:
    bech32 (1.0.5)
    bitcoin-secp256k1 (0.5.2)
      ffi (>= 1.9.25)
    connection_pool (2.2.2)
    ffi (1.12.2)
    minitest (5.10.3)
    net-http-persistent (3.0.1)
      connection_pool (~> 2.2)
    rake (13.0.1)
    rbnacl (7.1.1)
      ffi

PLATFORMS
  ruby

DEPENDENCIES
  bundler (~> 2.0)
  ckb!
  minitest (~> 5.0)
  rake (~> 13.0)

BUNDLED WITH
   2.0.1
